GEM
  remote: https://rubygems.org/
  specs:
    crass (1.0.4)
    faraday (0.15.2)
      multipart-post (>= 1.2, < 3)
    faraday_middleware (0.12.2)
      faraday (>= 0.7.4, < 1.0)
    feedjira (2.1.4)
      faraday (>= 0.9)
      faraday_middleware (>= 0.9)
      loofah (>= 2.0)
      sax-machine (>= 1.0)
    httparty (0.16.2)
      multi_xml (>= 0.5.2)
    iron_core (1.0.12)
      rest (>= 3.0.8)
    iron_worker (3.4.1)
      iron_core (>= 1.0.12, < 2)
      json (~> 1.8, > 1.8.1)
      rest (~> 3.0, >= 3.0.8)
    json (1.8.6)
    loofah (2.2.2)
      crass (~> 1.0.2)
      nokogiri (>= 1.5.9)
    mini_portile2 (2.3.0)
    multi_xml (0.6.0)
    multipart-post (2.0.0)
    net-http-persistent (2.9.4)
    netrc (0.11.0)
    nokogiri (1.8.2)
      mini_portile2 (~> 2.3.0)
    rest (3.0.8)
      net-http-persistent (>= 2.9.1, < 3)
      netrc
    sax-machine (1.3.2)

PLATFORMS
  ruby

DEPENDENCIES
  feedjira
  httparty
  iron_worker

BUNDLED WITH
   1.16.1
